GEM
  specs:
    dotenv (2.1.1)

PLATFORMS
  ruby

DEPENDENCIES
  dotenv

BUNDLED WITH
   1.11.2
